GEM
  remote: https://rubygems.org/
  specs:
    activesupport (8.0.2)
      base64
      benchmark (>= 0.3)
      bigdecimal
      concurrent-ruby (~> 1.0, >= 1.3.1)
      connection_pool (>= 2.2.5)
      drb
      i18n (>= 1.6, < 2)
      logger (>= 1.4.2)
      minitest (>= 5.1)
      securerandom (>= 0.3)
      tzinfo (~> 2.0, >= 2.0.5)
      uri (>= 0.13.1)
    addressable (2.8.7)
      public_suffix (>= 2.0.2, < 7.0)
    ast (2.4.3)
    atk (4.2.8)
      glib2 (= 4.2.8)
    base64 (0.2.0)
    benchmark (0.4.0)
    bigdecimal (3.1.9)
    cairo (1.18.4)
      native-package-installer (>= 1.0.3)
      pkg-config (>= 1.2.2)
      red-colors
    cairo-gobject (4.2.8)
      cairo (>= 1.16.2)
      glib2 (= 4.2.8)
    childprocess (5.1.0)
      logger (~> 1.5)
    concurrent-ruby (1.3.5)
    connection_pool (2.5.0)
    csv (3.3.3)
    debase (0.2.9)
      debase-ruby_core_source (>= 3.4.1)
    debase-ruby_core_source (3.4.1)
    drb (2.2.1)
    ffi (1.17.1)
    ffi (1.17.1-arm64-darwin)
    fiddle (1.1.6)
    gdk3 (4.2.8)
      cairo-gobject (= 4.2.8)
      gdk_pixbuf2 (= 4.2.8)
      pango (= 4.2.8)
    gdk_pixbuf2 (4.2.8)
      gio2 (= 4.2.8)
    gio2 (4.2.8)
      fiddle
      gobject-introspection (= 4.2.8)
    glib2 (4.2.8)
      native-package-installer (>= 1.0.3)
      pkg-config (>= 1.3.5)
    gobject-introspection (4.2.8)
      glib2 (= 4.2.8)
    gtk3 (4.2.8)
      atk (= 4.2.8)
      gdk3 (= 4.2.8)
    i18n (1.14.7)
      concurrent-ruby (~> 1.0)
    json (2.10.2)
    language_server-protocol (3.17.0.4)
    launchy (3.1.1)
      addressable (~> 2.8)
      childprocess (~> 5.0)
      logger (~> 1.6)
    lint_roller (1.1.0)
    logger (1.6.6)
    matrix (0.4.2)
    minitest (5.25.5)
    native-package-installer (1.1.9)
    open3 (0.2.1)
    pango (4.2.8)
      cairo-gobject (= 4.2.8)
      gobject-introspection (= 4.2.8)
    parallel (1.26.3)
    parser (3.3.7.2)
      ast (~> 2.4.1)
      racc
    pkg-config (1.6.0)
    prism (1.4.0)
    public_suffix (6.0.1)
    racc (1.8.1)
    rack (3.1.12)
    rainbow (3.1.1)
    rake (13.2.1)
    rbs (3.9.0)
      logger
    red-colors (0.4.0)
      json
      matrix
    regexp_parser (2.10.0)
    rubocop (1.74.0)
      json (~> 2.3)
      language_server-protocol (~> 3.17.0.2)
      lint_roller (~> 1.1.0)
      parallel (~> 1.10)
      parser (>= 3.3.0.2)
      rainbow (>= 2.2.2, < 4.0)
      regexp_parser (>= 2.9.3, < 3.0)
      rubocop-ast (>= 1.38.0, < 2.0)
      ruby-progressbar (~> 1.7)
      unicode-display_width (>= 2.4.0, < 4.0)
    rubocop-ast (1.41.0)
      parser (>= 3.3.7.2)
    rubocop-performance (1.24.0)
      lint_roller (~> 1.1)
      rubocop (>= 1.72.1, < 2.0)
      rubocop-ast (>= 1.38.0, < 2.0)
    rubocop-rails (2.30.3)
      activesupport (>= 4.2.0)
      lint_roller (~> 1.1)
      rack (>= 1.1)
      rubocop (>= 1.72.1, < 2.0)
      rubocop-ast (>= 1.38.0, < 2.0)
    rubocop-rspec (3.5.0)
      lint_roller (~> 1.1)
      rubocop (~> 1.72, >= 1.72.1)
    ruby-debug-ide (0.7.5)
      rake (>= 0.8.1)
    ruby-lsp (0.23.12)
      language_server-protocol (~> 3.17.0)
      prism (>= 1.2, < 2.0)
      rbs (>= 3, < 4)
      sorbet-runtime (>= 0.5.10782)
    ruby-progressbar (1.13.0)
    securerandom (0.4.1)
    sorbet-runtime (0.5.11952)
    tzinfo (2.0.6)
      concurrent-ruby (~> 1.0)
    unicode-display_width (3.1.4)
      unicode-emoji (~> 4.0, >= 4.0.4)
    unicode-emoji (4.0.4)
    uri (1.0.3)

PLATFORMS
  arm64-darwin-23
  ruby

DEPENDENCIES
  csv
  debase
  ffi
  gtk3
  json
  launchy
  open3
  rubocop
  rubocop-performance
  rubocop-rails
  rubocop-rspec
  ruby-debug-ide
  ruby-lsp

BUNDLED WITH
   2.5.22
